GEM
  remote: http://rubygems.org/
  specs:
    adsf (1.1.1)
      rack (>= 1.0.0)
    coderay (1.0.8)
    colored (1.2)
    cri (2.3.0)
      colored (>= 1.2)
    json (2.2.0)
    method_source (0.8.1)
    mime-types (1.19)
    mini_portile2 (2.4.0)
    nanoc (3.4.2)
      cri (~> 2.2)
    nokogiri (1.10.4)
      mini_portile2 (~> 2.4.0)
    pry (0.9.10)
      coderay (~> 1.0.5)
      method_source (~> 0.8)
      slop (~> 3.3.1)
    rack (1.4.1)
    rake (0.9.2.2)
    redcarpet (1.17.2)
    slop (3.3.3)
    systemu (2.5.2)

PLATFORMS
  ruby

DEPENDENCIES
  adsf
  json (>= 1.8.2)
  mime-types
  nanoc (> 3.1)
  nokogiri
  pry
  rake
  redcarpet (~> 1.17)
  systemu

RUBY VERSION
   ruby 2.6.3p62

BUNDLED WITH
   2.1.4
